PATH
  remote: .
  specs:
    vagrant-ssh-config (1.0.1)
      net-ssh (>= 3.0.2)

GEM
  remote: https://rubygems.org/
  specs:
    ast (2.4.2)
    diff-lcs (1.5.0)
    net-ssh (6.1.0)
    parallel (1.22.1)
    parser (2.7.2.0)
      ast (~> 2.4.1)
    powerpack (0.1.3)
    rainbow (2.2.2)
      rake
    rake (10.5.0)
    rspec (3.11.0)
      rspec-core (~> 3.11.0)
      rspec-expectations (~> 3.11.0)
      rspec-mocks (~> 3.11.0)
    rspec-core (3.11.0)
      rspec-support (~> 3.11.0)
    rspec-expectations (3.11.0)
      diff-lcs (>= 1.2.0, < 2.0)
      rspec-support (~> 3.11.0)
    rspec-mocks (3.11.1)
      diff-lcs (>= 1.2.0, < 2.0)
      rspec-support (~> 3.11.0)
    rspec-support (3.11.0)
    rubocop (0.51.0)
      parallel (~> 1.10)
      parser (>= 2.3.3.1, < 3.0)
      powerpack (~> 0.1)
      rainbow (>= 2.2.2, < 3.0)
      ruby-progressbar (~> 1.7)
      unicode-display_width (~> 1.0, >= 1.0.1)
    ruby-progressbar (1.11.0)
    unicode-display_width (1.8.0)

PLATFORMS
  amd64-freebsd-14

DEPENDENCIES
  bundler (> 2)
  rake (~> 10.0)
  rspec (~> 3.0)
  rubocop (~> 0.51.0)
  vagrant-ssh-config!

BUNDLED WITH
   2.3.10
